GEM
  remote: https://rubygems.org/
  specs:
    coderay (1.0.7)
    rack (1.6.13)
    rack-protection (1.5.5)
      rack
    redis (3.0.1)
    sinatra (1.3.3)
      rack (~> 1.3, >= 1.3.6)
      rack-protection (~> 1.2)
      tilt (~> 1.3, >= 1.3.3)
    tilt (1.3.3)

PLATFORMS
  ruby

DEPENDENCIES
  coderay
  redis
  sinatra
